PATH
  remote: .
  specs:
    acl9 (2.1.2)

GEM
  remote: http://rubygems.org/
  specs:
    ansi (1.5.0)
    appraisal (2.1.0)
      bundler
      rake
      thor (>= 0.14.0)
    byebug (9.0.5)
    codeclimate-test-reporter (0.6.0)
      simplecov (>= 0.7.1, < 1.0.0)
    docile (1.1.5)
    json (2.0.2)
    minitap (0.5.3)
      minitest (~> 5.0)
      minitest-reporter-api (>= 0.0.2)
      tapout (>= 0.3.0)
    minitest (5.9.0)
    minitest-reporter-api (0.0.5)
      minitest (~> 5.0)
    rake (11.2.2)
    simplecov (0.12.0)
      docile (~> 1.1.0)
      json (>= 1.8, < 3)
      simplecov-html (~> 0.10.0)
    simplecov-html (0.10.0)
    sqlite3 (1.3.11)
    tapout (0.4.5)
      ansi
      json
    thor (0.19.1)
    yard (0.9.5)

PLATFORMS
  ruby

DEPENDENCIES
  acl9!
  appraisal
  byebug
  codeclimate-test-reporter
  minitap
  sqlite3
  tapout
  yard

BUNDLED WITH
   1.11.2
